PATH
  remote: .
  specs:
    wooga_wtf (0.2.0)
      CFPropertyList (= 2.2.8)
      activesupport-json_encoder
      httpclient (~> 2.8)
      nokogiri
      pry-byebug (= 3.1.0)
      rake (~> 10.5)
      rubyzip
      thor (~> 0.19)
      waitutil
      wooga_wooget

GEM
  remote: https://rubygems.org/
  specs:
    CFPropertyList (2.2.8)
    activesupport (4.2.7.1)
      i18n (~> 0.7)
      json (~> 1.7, >= 1.7.7)
      minitest (~> 5.1)
      thread_safe (~> 0.3, >= 0.3.4)
      tzinfo (~> 1.1)
    activesupport-json_encoder (1.1.0)
      activesupport (>= 4.1.0, < 5.0)
    addressable (2.5.0)
      public_suffix (~> 2.0, >= 2.0.2)
    byebug (4.0.5)
      columnize (= 0.9.0)
    coderay (1.1.1)
    columnize (0.9.0)
    curb (0.9.3)
    faraday (0.10.0)
      multipart-post (>= 1.2, < 3)
    httpclient (2.8.2.4)
    i18n (0.7.0)
    json (1.8.3)
    method_source (0.8.2)
    mini_portile2 (2.1.0)
    minitest (5.9.1)
    multipart-post (2.0.0)
    nokogiri (1.6.8.1)
      mini_portile2 (~> 2.1.0)
    octokit (4.6.2)
      sawyer (~> 0.8.0, >= 0.5.3)
    pry (0.10.4)
      coderay (~> 1.1.0)
      method_source (~> 0.8.1)
      slop (~> 3.4)
    pry-byebug (3.1.0)
      byebug (~> 4.0)
      pry (~> 0.10)
    public_suffix (2.0.4)
    rake (10.5.0)
    rubyzip (1.2.0)
    sawyer (0.8.1)
      addressable (>= 2.3.5, < 2.6)
      faraday (~> 0.8, < 1.0)
    slop (3.6.0)
    thor (0.19.1)
    thread_safe (0.3.5)
    tzinfo (1.2.2)
      thread_safe (~> 0.1)
    waitutil (0.2.1)
    wooga_wooget (2.0.36)
      activesupport-json_encoder (~> 1.1)
      curb (~> 0.8)
      nokogiri (~> 1.6)
      octokit (~> 4.3)
      thor (~> 0.19)

PLATFORMS
  ruby

DEPENDENCIES
  minitest
  octokit
  rake (= 10.5.0)
  wooga_wtf!

BUNDLED WITH
   1.13.6
