PATH
  remote: .
  specs:
    wtf (0.1.0)

GEM
  remote: https://rubygems.org/
  specs:
    minitest (5.8.4)

PLATFORMS
  ruby

DEPENDENCIES
  minitest
  wtf!

BUNDLED WITH
   1.10.6
