PATH
  remote: .
  specs:
    wooga_wtf (0.1.10)
      nokogiri
      pry-byebug (= 3.1.0)
      rake
      thor (~> 0.19)
      waitutil
      wooga_uvm
      wooga_wooget

GEM
  remote: https://rubygems.org/
  specs:
    byebug (4.0.5)
      columnize (= 0.9.0)
    coderay (1.1.1)
    columnize (0.9.0)
    curb (0.9.3)
    method_source (0.8.2)
    mini_portile2 (2.1.0)
    minitest (5.9.0)
    nokogiri (1.6.8)
      mini_portile2 (~> 2.1.0)
      pkg-config (~> 1.1.7)
    pkg-config (1.1.7)
    pry (0.10.3)
      coderay (~> 1.1.0)
      method_source (~> 0.8.1)
      slop (~> 3.4)
    pry-byebug (3.1.0)
      byebug (~> 4.0)
      pry (~> 0.10)
    rake (10.5.0)
    slop (3.6.0)
    thor (0.19.1)
    waitutil (0.2.1)
    wooga_uvm (0.3.1)
      thor
      wooga_wooget
    wooga_wooget (2.0.18)
      curb (~> 0.8)
      thor (~> 0.19)

PLATFORMS
  ruby

DEPENDENCIES
  minitest
  rake (= 10.5.0)
  wooga_wtf!

BUNDLED WITH
   1.12.5
