PATH
  remote: .
  specs:
    wtf (0.1.0)
      thor (~> 0.19)
      wooga_uvm
      wooga_wooget

GEM
  remote: https://rubygems.org/
  specs:
    byebug (4.0.5)
      columnize (= 0.9.0)
    coderay (1.1.1)
    columnize (0.9.0)
    curb (0.9.1)
    method_source (0.8.2)
    minitest (5.8.4)
    pry (0.10.3)
      coderay (~> 1.1.0)
      method_source (~> 0.8.1)
      slop (~> 3.4)
    pry-byebug (3.1.0)
      byebug (~> 4.0)
      pry (~> 0.10)
    rake (10.5.0)
    slop (3.6.0)
    thor (0.19.1)
    wooga_uvm (0.2.0)
      thor
    wooga_wooget (2.0.7)
      curb (~> 0.8)
      thor (~> 0.19)

PLATFORMS
  ruby

DEPENDENCIES
  minitest
  pry-byebug (= 3.1.0)
  rake (= 10.5.0)
  wtf!

BUNDLED WITH
   1.11.2
