PATH
  remote: .
  specs:
    wooga_wtf (0.1.13)
      nokogiri
      pry-byebug (= 3.1.0)
      thor (~> 0.19)
      waitutil
      wooga_uvm
      wooga_wooget

GEM
  remote: https://rubygems.org/
  specs:
    CFPropertyList (2.3.2)
    activesupport (4.2.7)
      i18n (~> 0.7)
      json (~> 1.7, >= 1.7.7)
      minitest (~> 5.1)
      thread_safe (~> 0.3, >= 0.3.4)
      tzinfo (~> 1.1)
    activesupport-json_encoder (1.1.0)
      activesupport (>= 4.1.0, < 5.0)
    byebug (4.0.5)
      columnize (= 0.9.0)
    coderay (1.1.1)
    columnize (0.9.0)
    curb (0.9.3)
    i18n (0.7.0)
    json (1.8.3)
    method_source (0.8.2)
    mini_portile2 (2.1.0)
    minitest (5.9.0)
    nokogiri (1.6.8)
      mini_portile2 (~> 2.1.0)
      pkg-config (~> 1.1.7)
    pkg-config (1.1.7)
    pry (0.10.4)
      coderay (~> 1.1.0)
      method_source (~> 0.8.1)
      slop (~> 3.4)
    pry-byebug (3.1.0)
      byebug (~> 4.0)
      pry (~> 0.10)
    rake (10.5.0)
    rubyzip (1.2.0)
    slop (3.6.0)
    thor (0.19.1)
    thread_safe (0.3.5)
    tzinfo (1.2.2)
      thread_safe (~> 0.1)
    waitutil (0.2.1)
    wooga_uvm (0.3.1)
      thor
      wooga_wooget
    wooga_wooget (2.0.20)
      activesupport-json_encoder
      curb (~> 0.8)
      nokogiri (~> 1.6.8)
      thor (~> 0.19)

PLATFORMS
  ruby

DEPENDENCIES
  CFPropertyList
  activesupport-json_encoder
  minitest
  rake (= 10.5.0)
  rubyzip
  wooga_wtf!

BUNDLED WITH
   1.12.5
